PATH
  remote: .
  specs:
    mruby_utils (1.2.0)
      rake (>= 11.0.0)

GEM
  remote: https://rubygems.org/
  specs:
    rake (12.3.2)

PLATFORMS
  ruby

DEPENDENCIES
  bundler
  mruby_utils!

BUNDLED WITH
   2.0.2
